GEM
  remote: http://rubygems.org/
  specs:
    archive-tar-minitar (0.5.2)
    async-rack (0.5.0)
      rack (~> 1.1)
    async_sinatra (0.2.2)
      sinatra (>= 1.0)
    bson (1.0.7)
    bson_ext (1.0.7)
    columnize (0.3.1)
    daemons (1.1.0)
    em-mongo (0.2.12)
      bson (>= 0.20.1)
      eventmachine (>= 0.12.10)
    eventmachine (0.12.10)
    linecache19 (0.5.11)
      ruby_core_source (>= 0.1.4)
    macaddr (1.0.0)
    rack (1.2.1)
    rack-test (0.5.4)
      rack (>= 1.0)
    ruby-debug-base19 (0.11.24)
      columnize (>= 0.3.1)
      linecache19 (>= 0.5.11)
      ruby_core_source (>= 0.1.4)
    ruby-debug19 (0.11.6)
      columnize (>= 0.3.1)
      linecache19 (>= 0.5.11)
      ruby-debug-base19 (>= 0.11.19)
    ruby_core_source (0.1.4)
      archive-tar-minitar (>= 0.5.2)
    sinatra (1.0)
      rack (>= 1.0)
    thin (1.2.7)
      daemons (>= 1.0.9)
      eventmachine (>= 0.12.6)
      rack (>= 1.0.0)
    uuid (2.3.1)
      macaddr (~> 1.0)

PLATFORMS
  ruby

DEPENDENCIES
  async-rack
  async_sinatra
  bson_ext
  em-mongo
  eventmachine
  rack-test
  ruby-debug19
  sinatra
  thin
  uuid
