GIT
  remote: git@github.com:hoccer/ruby-api.git
  revision: 2a7a9e4110f945928e7e16cb600dfc34e9634212
  specs:
    hoccer-api (1.0.2)

GEM
  remote: http://rubygems.org/
  specs:
    archive-tar-minitar (0.5.2)
    async-rack (0.5.0)
      rack (~> 1.1)
    async_sinatra (0.2.3)
      sinatra (>= 1.0)
    backports (1.18.2)
    bson (1.1.5)
    bson_ext (1.1.5)
    columnize (0.3.2)
    daemons (1.1.0)
    em-mongo (0.3.4)
      bson (>= 1.1.3)
      bson_ext (>= 1.1.3)
      eventmachine (>= 0.12.10)
    eventmachine (0.12.10)
    linecache19 (0.5.11)
      ruby_core_source (>= 0.1.4)
    macaddr (1.0.0)
    mongo (1.1.5)
      bson (>= 1.1.5)
    monkey-lib (0.5.4)
      backports
    rack (1.2.1)
    rack-test (0.5.7)
      rack (>= 1.0)
    ruby-debug-base19 (0.11.24)
      columnize (>= 0.3.1)
      linecache19 (>= 0.5.11)
      ruby_core_source (>= 0.1.4)
    ruby-debug19 (0.11.6)
      columnize (>= 0.3.1)
      linecache19 (>= 0.5.11)
      ruby-debug-base19 (>= 0.11.19)
    ruby_core_source (0.1.4)
      archive-tar-minitar (>= 0.5.2)
    sinatra (1.1.0)
      rack (~> 1.1)
      tilt (~> 1.1)
    sinatra-advanced-routes (0.5.1)
      monkey-lib (~> 0.5.0)
      sinatra (~> 1.0)
      sinatra-sugar (~> 0.5.0)
    sinatra-reloader (0.5.0)
      sinatra (~> 1.0)
      sinatra-advanced-routes (~> 0.5.0)
    sinatra-sugar (0.5.0)
      monkey-lib (~> 0.5.0)
      sinatra (~> 1.0)
    thin (1.2.7)
      daemons (>= 1.0.9)
      eventmachine (>= 0.12.6)
      rack (>= 1.0.0)
    tilt (1.2.1)
    uuid (2.3.1)
      macaddr (~> 1.0)

PLATFORMS
  ruby

DEPENDENCIES
  async-rack
  async_sinatra (= 0.2.3)
  bson_ext (>= 1.1)
  em-mongo (>= 0.2.13)
  eventmachine
  hoccer-api!
  mongo
  rack-test
  ruby-debug19
  sinatra
  sinatra-reloader
  thin
  uuid
