GEM
  remote: http://rubygems.org/
  specs:
    async-rack (0.5.0)
      rack (~> 1.1)
    async_sinatra (0.2.2)
      sinatra (>= 1.0)
    daemons (1.1.0)
    eventmachine (0.12.10)
    macaddr (1.0.0)
    rack (1.2.1)
    sinatra (1.0)
      rack (>= 1.0)
    thin (1.2.7)
      daemons (>= 1.0.9)
      eventmachine (>= 0.12.6)
      rack (>= 1.0.0)
    uuid (2.3.1)
      macaddr (~> 1.0)

PLATFORMS
  ruby

DEPENDENCIES
  async-rack
  async_sinatra
  eventmachine
  sinatra
  thin
  uuid
